GEM
  remote: https://rubygems.org/
  specs:
    activemodel (4.1.8)
      activesupport (= 4.1.8)
      builder (~> 3.1)
    activesupport (4.1.8)
      i18n (~> 0.6, >= 0.6.9)
      json (~> 1.7, >= 1.7.7)
      minitest (~> 5.1)
      thread_safe (~> 0.1)
      tzinfo (~> 1.1)
    addressable (2.3.6)
    builder (3.2.2)
    httpclient (2.4.0)
    i18n (0.6.11)
    json (1.8.1)
    mime-types (2.4.3)
    mini_portile2 (2.1.0)
    minitest (5.4.3)
    netrc (0.8.0)
    nokogiri (1.6.8)
      mini_portile2 (~> 2.1.0)
      pkg-config (~> 1.1.7)
    oauth (0.4.7)
    pkg-config (1.1.7)
    rally_api (1.1.2)
      httpclient (~> 2.4.0)
    rest-client (1.7.2)
      mime-types (>= 1.16, < 3.0)
      netrc (~> 0.7)
    reverse_markdown (1.0.3)
      nokogiri
    ruby-trello (1.1.2)
      activemodel (>= 3.2.0)
      addressable (~> 2.3)
      json
      oauth (~> 0.4.5)
      rest-client (~> 1.7.2)
    slop (3.6.0)
    thread_safe (0.3.4)
    tzinfo (1.2.2)
      thread_safe (~> 0.1)

PLATFORMS
  ruby

DEPENDENCIES
  rally_api
  reverse_markdown
  ruby-trello
  slop (= 3.6.0)

BUNDLED WITH
   1.10.6
